GEM
  remote: https://rubygems.org/
  specs:
    bigdecimal (3.1.9)
    byebug (11.1.3)
    daemons (1.4.1)
    erubi (1.13.1)
    eventmachine (1.2.7)
    ffi (1.17.1)
    html_slice (0.2.1)
    listen (3.9.0)
      rb-fsevent (~> 0.10, >= 0.10.3)
      rb-inotify (~> 0.9, >= 0.9.10)
    mini_portile2 (2.8.8)
    oj (3.16.10)
      bigdecimal (>= 3.0)
      ostruct (>= 0.2)
    ostruct (0.6.1)
    rack (2.2.10)
    rackr (0.0.54)
      erubi (~> 1.12)
      html_slice (>= 0.0, < 1.0)
      oj (~> 3.15)
      rack (>= 2.0, < 4.0)
    rb-fsevent (0.11.2)
    rb-inotify (0.11.1)
      ffi (~> 1.0)
    rerun (0.14.0)
      listen (~> 3.0)
    sequel (5.90.0)
      bigdecimal
    sqlite3 (2.6.0)
      mini_portile2 (~> 2.8.0)
    sqlite3 (2.6.0-arm64-darwin)
    sqlite3 (2.6.0-x86_64-darwin)
    thin (1.8.2)
      daemons (~> 1.0, >= 1.0.9)
      eventmachine (~> 1.0, >= 1.0.4)
      rack (>= 1, < 3)

PLATFORMS
  arm64-darwin
  ruby
  x86_64-darwin
  x86_64-linux

DEPENDENCIES
  byebug
  rackr
  rerun
  sequel
  sqlite3
  thin

BUNDLED WITH
   2.5.17
